GEM
  remote: https://rubygems.org/
  specs:
    ffi (1.17.1-x64-mingw-ucrt)
    jekyll-watch (2.2.1)
      listen (~> 3.0)
    listen (3.9.0)
      rb-fsevent (~> 0.10, >= 0.10.3)
      rb-inotify (~> 0.9, >= 0.9.10)
    rb-fsevent (0.11.2)
    rb-inotify (0.11.1)
      ffi (~> 1.0)

PLATFORMS
  x64-mingw-ucrt

DEPENDENCIES
  jekyll-watch

BUNDLED WITH
   2.6.5
